NUGET
  remote: https://www.nuget.org/api/v2
    Argu (5.5)
      FSharp.Core (>= 4.0.0.1) - restriction: >= net45
      FSharp.Core (>= 4.3.2) - restriction: && (< net45) (>= netstandard2.0)
      System.Configuration.ConfigurationManager (>= 4.4) - restriction: && (< net45) (>= netstandard2.0)
    FSharp.Core (4.7) - restriction: || (>= net45) (>= netstandard2.0)
    Microsoft.NETCore.Platforms (2.2.2) - restriction: >= netcoreapp2.0
    System.Buffers (4.5) - restriction: || (&& (< monoandroid) (< netstandard1.1) (>= netstandard2.0) (< win8)) (&& (>= monotouch) (>= netstandard2.0)) (&& (< net45) (>= net461) (>= netstandard2.0)) (&& (< net45) (< netcoreapp2.0) (>= netstandard2.0) (< xamarinios) (< xamarinmac)) (&& (< netstandard1.1) (>= netstandard2.0) (>= win8)) (&& (>= netstandard2.0) (>= xamarintvos)) (&& (>= netstandard2.0) (>= xamarinwatchos))
    System.Configuration.ConfigurationManager (4.5) - restriction: && (< net45) (>= netstandard2.0)
      System.Security.Cryptography.ProtectedData (>= 4.5) - restriction: && (< net461) (>= netstandard2.0) (< xamarinios) (< xamarinmac)
      System.Security.Permissions (>= 4.5) - restriction: || (>= monoandroid) (>= monotouch) (>= net461) (>= netstandard2.0) (>= xamarintvos) (>= xamarinwatchos)
    System.Memory (4.5.3) - restriction: && (< net45) (< netcoreapp2.1) (>= netstandard2.0) (< xamarinios) (< xamarinmac)
      System.Buffers (>= 4.4) - restriction: || (&& (>= monoandroid) (< netstandard2.0)) (&& (< monoandroid) (< net45) (>= netstandard1.1) (< netstandard2.0) (< win8) (< wpa81)) (&& (< monoandroid) (< netstandard1.1) (>= portable-net45+win8+wpa81) (< win8)) (>= monotouch) (&& (>= net45) (< netstandard2.0)) (&& (< net45) (< netcoreapp2.0) (>= netstandard2.0)) (>= net461) (&& (< netstandard1.1) (>= win8)) (&& (< netstandard2.0) (< uap10.1) (>= wpa81)) (>= xamarinios) (>= xamarinmac) (>= xamarintvos) (>= xamarinwatchos)
      System.Numerics.Vectors (>= 4.4) - restriction: || (&& (< net45) (< netcoreapp2.0) (>= netstandard2.0) (< xamarinios) (< xamarinmac)) (>= net461)
      System.Runtime.CompilerServices.Unsafe (>= 4.5.2) - restriction: || (&& (>= monoandroid) (< netstandard2.0)) (&& (< monoandroid) (< net45) (>= netstandard1.1) (< netstandard2.0) (< win8) (< wpa81)) (&& (< monoandroid) (< netstandard1.1) (>= portable-net45+win8+wpa81) (< win8)) (>= monotouch) (&& (>= net45) (< netstandard2.0)) (&& (< net45) (< netcoreapp2.0) (>= netstandard2.0)) (>= net461) (&& (>= netcoreapp2.0) (< netcoreapp2.1)) (&& (< netstandard1.1) (>= win8)) (&& (< netstandard2.0) (>= wpa81)) (>= uap10.1) (>= xamarinios) (>= xamarinmac) (>= xamarintvos) (>= xamarinwatchos)
    System.Numerics.Vectors (4.5) - restriction: || (&& (< net45) (>= net461) (>= netstandard2.0)) (&& (< net45) (< netcoreapp2.0) (>= netstandard2.0) (< xamarinios) (< xamarinmac))
    System.Runtime.CompilerServices.Unsafe (4.5.2) - restriction: || (&& (< monoandroid) (< netstandard1.1) (>= netstandard2.0) (< win8)) (&& (>= monotouch) (>= netstandard2.0)) (&& (< net45) (>= net461) (>= netstandard2.0)) (&& (< net45) (< netcoreapp2.0) (>= netstandard2.0) (< xamarinios) (< xamarinmac)) (&& (>= netcoreapp2.0) (< netcoreapp2.1)) (&& (< netstandard1.1) (>= netstandard2.0) (>= win8)) (&& (>= netstandard2.0) (>= uap10.1)) (&& (>= netstandard2.0) (>= xamarintvos)) (&& (>= netstandard2.0) (>= xamarinwatchos))
    System.Security.AccessControl (4.5) - restriction: || (&& (>= monoandroid) (>= netstandard2.0)) (&& (>= monotouch) (>= netstandard2.0)) (&& (< net45) (>= netstandard2.0)) (&& (>= netstandard2.0) (>= xamarintvos)) (&& (>= netstandard2.0) (>= xamarinwatchos))
      Microsoft.NETCore.Platforms (>= 2.0) - restriction: >= netcoreapp2.0
      System.Security.Principal.Windows (>= 4.5) - restriction: || (&& (< net46) (>= netstandard2.0)) (>= net461) (>= netcoreapp2.0)
    System.Security.Cryptography.ProtectedData (4.5) - restriction: && (< net45) (>= netstandard2.0) (< xamarinios) (< xamarinmac)
      System.Memory (>= 4.5) - restriction: && (< net46) (< netcoreapp2.1) (>= netstandard2.0) (< xamarinios) (< xamarinmac)
    System.Security.Permissions (4.5) - restriction: || (&& (>= monoandroid) (>= netstandard2.0)) (&& (>= monotouch) (>= netstandard2.0)) (&& (< net45) (>= netstandard2.0)) (&& (>= netstandard2.0) (>= xamarintvos)) (&& (>= netstandard2.0) (>= xamarinwatchos))
      System.Security.AccessControl (>= 4.5) - restriction: || (>= net461) (>= netstandard2.0)
    System.Security.Principal.Windows (4.5.1) - restriction: || (&& (>= monoandroid) (>= netstandard2.0)) (&& (>= monotouch) (>= netstandard2.0)) (&& (< net45) (>= netstandard2.0)) (>= netcoreapp2.0) (&& (>= netstandard2.0) (>= xamarintvos)) (&& (>= netstandard2.0) (>= xamarinwatchos))
      Microsoft.NETCore.Platforms (>= 2.0) - restriction: >= netcoreapp2.0
